PATH
  remote: .
  specs:
    asin (0.8.0)
      confiture (>= 0.1)
      crack (>= 0.3)
      hashie (>= 1.1)
      httpi (>= 0.9)

GEM
  remote: http://rubygems.org/
  specs:
    addressable (2.3.2)
    coderay (1.0.7)
    confiture (0.1.2)
    crack (0.3.1)
    diff-lcs (1.1.3)
    fuubar (0.0.6)
      rspec (~> 2.0)
      rspec-instafail (~> 0.1.8)
      ruby-progressbar (~> 0.0.10)
    hashie (1.2.0)
    httpclient (2.2.7)
    httpi (1.1.1)
      rack
    method_source (0.8)
    pry (0.9.10)
      coderay (~> 1.0.5)
      method_source (~> 0.8)
      slop (~> 3.3.1)
    pry (0.9.10-java)
      coderay (~> 1.0.5)
      method_source (~> 0.8)
      slop (~> 3.3.1)
      spoon (~> 0.0)
    rack (1.4.1)
    rake (0.9.2.2)
    rash (0.3.2)
      hashie (~> 1.2.0)
    rspec (2.7.0)
      rspec-core (~> 2.7.0)
      rspec-expectations (~> 2.7.0)
      rspec-mocks (~> 2.7.0)
    rspec-core (2.7.1)
    rspec-expectations (2.7.0)
      diff-lcs (~> 1.1.2)
    rspec-instafail (0.1.9)
    rspec-mocks (2.7.0)
    ruby-progressbar (0.0.10)
    slop (3.3.3)
    spoon (0.0.1)
    vcr (1.11.3)
    webmock (1.8.10)
      addressable (>= 2.2.7)
      crack (>= 0.1.7)

PLATFORMS
  java
  ruby

DEPENDENCIES
  asin!
  fuubar (~> 0.0.5)
  httpclient (>= 2.2.3)
  pry (~> 0.9.9)
  rake (~> 0.9.2.2)
  rash (>= 0.3.1)
  rspec (~> 2.7.0)
  vcr (~> 1.11.3)
  webmock (~> 1.8.7)
